GIT
  remote: git://git.yoomee.com:4321/gems/yoomee.git
  revision: 97e0aae289bfa1111722f37220588fc8afff78e9
  branch: rails3
  specs:
    yoomee (0.0.1)
      engineyard (~> 1.4.22)
      git (~> 1.2.5)
      net-ssh
      rails (~> 3.1.0)

GIT
  remote: git://github.com/cgunther/formtastic-bootstrap.git
  revision: 3428fef4f7870b01241d65893b882ad32cfc18d8
  branch: bootstrap-2
  specs:
    formtastic-bootstrap (1.2.0)
      formtastic
      rails (>= 3.1.0)

GEM
  remote: https://yoomee:wLjuGMTu30AvxVyIrq3datc73LVUkvo@gems.yoomee.com/
  remote: http://rubygems.org/
  specs:
    actionmailer (3.1.0)
      actionpack (= 3.1.0)
      mail (~> 2.3.0)
    actionpack (3.1.0)
      activemodel (= 3.1.0)
      activesupport (= 3.1.0)
      builder (~> 3.0.0)
      erubis (~> 2.7.0)
      i18n (~> 0.6)
      rack (~> 1.3.2)
      rack-cache (~> 1.0.3)
      rack-mount (~> 0.8.2)
      rack-test (~> 0.6.1)
      sprockets (~> 2.0.0)
    active_utils (1.0.5)
      activesupport (>= 2.3.11)
      i18n
    activemerchant (1.32.1)
      active_utils (>= 1.0.2)
      activesupport (>= 2.3.14)
      builder (>= 2.0.0)
      i18n
      json (>= 1.5.1)
      money
      nokogiri
    activemodel (3.1.0)
      activesupport (= 3.1.0)
      bcrypt-ruby (~> 3.0.0)
      builder (~> 3.0.0)
      i18n (~> 0.6)
    activerecord (3.1.0)
      activemodel (= 3.1.0)
      activesupport (= 3.1.0)
      arel (~> 2.2.1)
      tzinfo (~> 0.3.29)
    activeresource (3.1.0)
      activemodel (= 3.1.0)
      activesupport (= 3.1.0)
    activesupport (3.1.0)
      multi_json (~> 1.0)
    acts-as-taggable-on (2.2.2)
      rails (~> 3.0)
    addressable (2.2.8)
    archive-tar-minitar (0.5.2)
    arel (2.2.3)
    bcrypt-ruby (3.0.1)
    bootstrap-will_paginate (0.0.9)
      will_paginate
    builder (3.0.4)
    cancan (1.6.10)
    capybara (1.1.2)
      mime-types (>= 1.16)
      nokogiri (>= 1.3.3)
      rack (>= 1.0.0)
      rack-test (>= 0.5.4)
      selenium-webdriver (~> 2.0)
      xpath (~> 0.1.4)
    childprocess (0.3.2)
      ffi (~> 1.0.6)
    chronic (0.6.7)
    client_side_validations (3.2.5)
    client_side_validations-formtastic (2.0.2)
      client_side_validations (~> 3.2.0)
      formtastic (~> 2.0.0)
    cocoon (1.1.0)
    coffee-rails (3.1.1)
      coffee-script (>= 2.2.0)
      railties (~> 3.1.0)
    coffee-script (2.2.0)
      coffee-script-source
      execjs
    coffee-script-source (1.3.3)
    columnize (0.3.6)
    daemon_controller (1.0.0)
    daemons (1.1.8)
    delayed_job (3.0.5)
      activesupport (~> 3.0)
    delayed_job_active_record (0.4.4)
      activerecord (>= 2.1.0, < 4)
      delayed_job (~> 3.0)
    devise (2.1.3)
      bcrypt-ruby (~> 3.0)
      orm_adapter (~> 0.1)
      railties (~> 3.1)
      warden (~> 1.2.1)
    diff-lcs (1.1.3)
    dragonfly (0.9.15)
      multi_json (~> 1.0)
      rack
    engineyard (1.4.29)
      engineyard-serverside-adapter (= 1.6.4)
      escape (~> 0.0.4)
      highline (~> 1.6.1)
      json_pure
      launchy (= 2.0.5)
      net-ssh (~> 2.2.1)
      rest-client (~> 1.6.0)
    engineyard-serverside-adapter (1.6.4)
      escape (~> 0.0.4)
      json_pure
    erubis (2.7.0)
    escape (0.0.4)
    eventmachine (1.0.3)
    exception_notification (2.6.1)
      actionmailer (>= 3.0.4)
    execjs (1.4.0)
      multi_json (~> 1.0)
    factory_girl (3.4.1)
      activesupport (>= 3.0.0)
    factory_girl_rails (3.4.0)
      factory_girl (~> 3.4.0)
      railties (>= 3.0.0)
    faraday (0.8.6)
      multipart-post (~> 1.1)
    fastthread (1.0.7)
    ffi (1.0.11)
    formtastic (2.0.2)
      rails (~> 3.0)
    geocoder (1.1.2)
    git (1.2.5)
    growl (1.0.3)
    guard (1.1.1)
      listen (>= 0.4.2)
      thor (>= 0.14.6)
    guard-rspec (1.1.0)
      guard (>= 1.1)
    haml (4.0.3)
      tilt
    hashie (1.0.0)
    highline (1.6.19)
    hike (1.2.3)
    hpricot (0.8.6)
    html_truncator (0.3.0)
      nokogiri (~> 1.4)
    httparty (0.11.0)
      multi_json (~> 1.0)
      multi_xml (>= 0.5.2)
    i18n (0.6.4)
    jquery-rails (3.0.1)
      railties (>= 3.0, < 5.0)
      thor (>= 0.14, < 2.0)
    jquery-ui-rails (4.0.3)
      jquery-rails
      railties (>= 3.1.0)
    json (1.8.0)
    json_pure (1.8.0)
    launchy (2.0.5)
      addressable (~> 2.2.6)
    letter_opener (1.0.0)
      launchy (>= 2.0.4)
    libwebsocket (0.1.3)
      addressable
    linecache19 (0.5.12)
      ruby_core_source (>= 0.1.4)
    listen (0.4.5)
      rb-fchange (~> 0.0.5)
      rb-fsevent (~> 0.9.1)
      rb-inotify (~> 0.8.8)
    mail (2.3.3)
      i18n (>= 0.4.0)
      mime-types (~> 1.16)
      treetop (~> 1.4.8)
    mime-types (1.23)
    mini_portile (0.5.0)
    mogli (0.0.29)
      hashie (~> 1.0.0)
      httparty (>= 0.4.3)
    money (5.1.1)
      i18n (~> 0.6.0)
    multi_json (1.7.7)
    multi_xml (0.5.3)
    multipart-post (1.1.5)
    mysql2 (0.3.11)
    net-ssh (2.2.2)
    nokogiri (1.6.0)
      mini_portile (~> 0.5.0)
    orm_adapter (0.4.0)
    passenger (3.0.13)
      daemon_controller (>= 1.0.0)
      fastthread (>= 1.0.1)
      rack
      rake (>= 0.8.1)
    polyglot (0.3.3)
    rack (1.3.10)
    rack-cache (1.0.3)
      rack (>= 0.4)
    rack-mount (0.8.3)
      rack (>= 1.0.0)
    rack-ssl (1.3.3)
      rack
    rack-test (0.6.2)
      rack (>= 1.0)
    rails (3.1.0)
      actionmailer (= 3.1.0)
      actionpack (= 3.1.0)
      activerecord (= 3.1.0)
      activeresource (= 3.1.0)
      activesupport (= 3.1.0)
      bundler (~> 1.0)
      railties (= 3.1.0)
    rails3-jquery-autocomplete (1.0.11)
      rails (~> 3.0)
    rails_config (0.2.7)
      activesupport (>= 3.0)
    railties (3.1.0)
      actionpack (= 3.1.0)
      activesupport (= 3.1.0)
      rack-ssl (~> 1.3.2)
      rake (>= 0.8.7)
      rdoc (~> 3.4)
      thor (~> 0.14.6)
    rake (0.8.7)
    randumb (0.3.1)
      activerecord (>= 3.0.0)
      activesupport (>= 3.0.0)
      rake
    rb-fchange (0.0.5)
      ffi
    rb-fsevent (0.9.1)
    rb-inotify (0.8.8)
      ffi (>= 0.5.0)
    rdoc (3.12.2)
      json (~> 1.4)
    remotipart (1.0.2)
    rest-client (1.6.7)
      mime-types (>= 1.16)
    riddle (1.5.3)
    rinku (1.7.3)
    rspec (2.10.0)
      rspec-core (~> 2.10.0)
      rspec-expectations (~> 2.10.0)
      rspec-mocks (~> 2.10.0)
    rspec-core (2.10.1)
    rspec-expectations (2.10.0)
      diff-lcs (~> 1.1.3)
    rspec-mocks (2.10.1)
    rspec-rails (2.10.1)
      actionpack (>= 3.0)
      activesupport (>= 3.0)
      railties (>= 3.0)
      rspec (~> 2.10.0)
    ruby-debug-base19 (0.11.25)
      columnize (>= 0.3.1)
      linecache19 (>= 0.5.11)
      ruby_core_source (>= 0.1.4)
    ruby-debug19 (0.11.6)
      columnize (>= 0.3.1)
      linecache19 (>= 0.5.11)
      ruby-debug-base19 (>= 0.11.19)
    ruby_core_source (0.1.5)
      archive-tar-minitar (>= 0.5.2)
    rubyzip (0.9.9)
    sass (3.1.19)
    sass-rails (3.1.6)
      actionpack (~> 3.1.0)
      railties (~> 3.1.0)
      sass (>= 3.1.10)
      tilt (~> 1.3.2)
    selenium-webdriver (2.22.2)
      childprocess (>= 0.2.5)
      ffi (~> 1.0)
      libwebsocket (~> 0.1.3)
      multi_json (~> 1.0)
      rubyzip
    shoulda-matchers (1.2.0)
      activesupport (>= 3.0.0)
    simple_oauth (0.2.0)
    sprockets (2.0.4)
      hike (~> 1.2)
      rack (~> 1.0)
      tilt (~> 1.1, != 1.3.0)
    sqlite3 (1.3.6)
    stringex (1.3.3)
    thin (1.5.1)
      daemons (>= 1.0.9)
      eventmachine (>= 0.12.6)
      rack (>= 1.0.0)
    thinking-sphinx (2.0.13)
      activerecord (>= 3.0.3)
      builder (>= 2.1.2)
      riddle (>= 1.5.3)
    thor (0.14.6)
    tilt (1.3.7)
    treetop (1.4.14)
      polyglot
      polyglot (>= 0.3.1)
    twitter (4.6.2)
      faraday (~> 0.8, < 0.10)
      multi_json (~> 1.0)
      simple_oauth (~> 0.2)
    tzinfo (0.3.37)
    uglifier (1.2.5)
      execjs (>= 0.3.0)
      multi_json (~> 1.3)
    video_info (0.4.0)
      hpricot (~> 0.8.4)
    warden (1.2.1)
      rack (>= 1.0)
    whenever (0.7.3)
      activesupport (>= 2.3.4)
      chronic (~> 0.6.3)
    will_paginate (3.0.4)
    xpath (0.1.4)
      nokogiri (~> 1.3)
    ym_cms (0.3.12)
      rack-cache
      rails (~> 3.1.0)
      ym_core (~> 0.1.8)
      ym_permalinks (~> 0.1)
      ym_videos (~> 0.1)
    ym_core (0.1.66)
      bootstrap-will_paginate (~> 0.0.6)
      dragonfly (~> 0.9.10)
      formtastic (~> 2.0.2)
      haml
      html_truncator (~> 0.2)
      jquery-rails
      jquery-ui-rails
      rails (~> 3.1.0)
      rails_config (~> 0.2.6)
      randumb
      rinku
      will_paginate (~> 3.0.3)
      yoomee-decent_exposure
    ym_docs (0.1)
      rails (~> 3.1.0)
      ym_core (~> 0.1)
    ym_enquiries (0.1.1)
      rails (~> 3.1.0)
      ym_core (~> 0.1)
    ym_messages (0.0.18)
      rails (~> 3.1.0)
      ym_core (~> 0.1)
    ym_notifications (0.1)
      rails (~> 3.1.0)
      ym_core (~> 0.1)
      ym_users (~> 0.1)
    ym_permalinks (0.1.5)
      rails (~> 3.1.0)
      stringex (~> 1.3.2)
      ym_core (~> 0.1)
    ym_posts (0.1.9)
      jquery-rails
      rails (~> 3.1.0)
      remotipart (~> 1.0)
      ym_core (~> 0.1)
      ym_docs (~> 0.1)
      ym_tags (~> 0.1)
      ym_users (~> 0.1)
      ym_videos (~> 0.1)
    ym_search (0.1)
      rails (~> 3.1.0)
      thinking-sphinx (~> 2.0.10)
      ym_core
    ym_snippets (0.1.2)
      rails (~> 3.1.0)
      ym_users (~> 0.1)
    ym_tags (0.1.8)
      acts-as-taggable-on (~> 2.2.2)
      rails (~> 3.1.0)
      rails3-jquery-autocomplete
    ym_users (0.1.27)
      cancan
      devise (~> 2.1.0)
      rails (~> 3.1.0)
      ym_core (~> 0.1)
    ym_videos (0.1.5)
      rails (~> 3.1.0)
      video_info (= 0.4.0)
    yoomee-decent_exposure (1.2.1)

PLATFORMS
  ruby

DEPENDENCIES
  activemerchant
  capybara
  client_side_validations
  client_side_validations-formtastic
  cocoon
  coffee-rails (~> 3.1.0)
  daemons
  delayed_job_active_record
  exception_notification
  factory_girl_rails
  formtastic-bootstrap!
  geocoder
  growl
  guard-rspec
  letter_opener
  mogli
  mysql2
  passenger
  rails (= 3.1.0)
  rake (= 0.8.7)
  rspec-rails
  ruby-debug19
  sass-rails (~> 3.1.0)
  shoulda-matchers
  sqlite3
  thin
  twitter
  uglifier
  whenever
  ym_cms (~> 0.3.12)
  ym_core (~> 0.1.66)
  ym_enquiries (~> 0.1)
  ym_messages (~> 0.0.18)
  ym_notifications (~> 0.1)
  ym_posts (~> 0.1)
  ym_search (~> 0.1)
  ym_snippets (~> 0.1.2)
  ym_users (~> 0.1.27)
  yoomee!
